GEM
  remote: http://rubygems.org/
  specs:
    activesupport (3.2.3)
      i18n (~> 0.6)
      multi_json (~> 1.0)
    diff-lcs (1.1.3)
    ethon (0.5.10)
      ffi (~> 1.3.0)
      mime-types (~> 1.18)
    ffi (1.3.1)
    git (1.2.5)
    i18n (0.6.0)
    jeweler (1.8.3)
      bundler (~> 1.0)
      git (>= 1.2.5)
      rake
      rdoc
    json (1.6.6)
    mime-types (1.21)
    multi_json (1.3.2)
    rake (0.9.2.2)
    rdoc (3.12)
      json (~> 1.4)
    rspec (2.8.0)
      rspec-core (~> 2.8.0)
      rspec-expectations (~> 2.8.0)
      rspec-mocks (~> 2.8.0)
    rspec-core (2.8.0)
    rspec-expectations (2.8.0)
      diff-lcs (~> 1.1.2)
    rspec-mocks (2.8.0)
    simplecov (0.6.2)
      multi_json (~> 1.3)
      simplecov-html (~> 0.5.3)
    simplecov-html (0.5.3)
    typhoeus (0.6.2)
      ethon (~> 0.5.10)

PLATFORMS
  ruby

DEPENDENCIES
  activesupport (> 2.3.5)
  bundler (~> 1.2.1)
  jeweler (~> 1.8.3)
  json (~> 1.6.6)
  rdoc (~> 3.12)
  rspec (~> 2.8.0)
  simplecov
  typhoeus (~> 0.6.2)
