GEM
  remote: http://rubygems.org/
  specs:
    activesupport (3.2.13)
      i18n (= 0.6.1)
      multi_json (~> 1.0)
    diff-lcs (1.1.3)
    ethon (0.5.11)
      ffi (>= 1.3.0)
      mime-types (~> 1.18)
    faker (1.1.2)
      i18n (~> 0.5)
    ffi (1.7.0)
    git (1.2.5)
    i18n (0.6.1)
    jeweler (1.8.4)
      bundler (~> 1.0)
      git (>= 1.2.5)
      rake
      rdoc
    json (1.7.7)
    mime-types (1.22)
    multi_json (1.7.2)
    rake (10.0.4)
    rdoc (3.12.2)
      json (~> 1.4)
    rspec (2.8.0)
      rspec-core (~> 2.8.0)
      rspec-expectations (~> 2.8.0)
      rspec-mocks (~> 2.8.0)
    rspec-core (2.8.0)
    rspec-expectations (2.8.0)
      diff-lcs (~> 1.1.2)
    rspec-mocks (2.8.0)
    simplecov (0.7.1)
      multi_json (~> 1.0)
      simplecov-html (~> 0.7.1)
    simplecov-html (0.7.1)
    typhoeus (0.6.3)
      ethon (~> 0.5.11)

PLATFORMS
  ruby

DEPENDENCIES
  activesupport (> 2.3.5)
  bundler (~> 1.3.1)
  faker
  jeweler (~> 1.8.3)
  json (~> 1.7.0)
  rdoc (~> 3.12)
  rspec (~> 2.8.0)
  simplecov
  typhoeus (~> 0.6.2)
